GEM
  remote: https://rubygems.org/
  specs:
    byebug (2.7.0)
      columnize (~> 0.3)
      debugger-linecache (~> 1.2)
    coderay (1.1.0)
    columnize (0.9.0)
    debugger-linecache (1.2.0)
    erubis (2.7.0)
    excon (0.45.3)
    heroics (0.0.14)
      erubis (~> 2.7.0)
      excon
      moneta
      multi_json (>= 1.9.2)
      netrc
    method_source (0.8.2)
    moneta (0.8.0)
    multi_json (1.11.0)
    netrc (0.10.3)
    platform-api (0.2.0)
      heroics (~> 0.0.10)
    pry (0.10.1)
      coderay (~> 1.1.0)
      method_source (~> 0.8.1)
      slop (~> 3.4)
    pry-byebug (1.3.3)
      byebug (~> 2.7)
      pry (~> 0.10)
    slop (3.6.0)
    thor (0.19.1)

PLATFORMS
  ruby

DEPENDENCIES
  platform-api
  pry-byebug
  thor
